GIT
  remote: https://github.com/batter/rack-indifferent.git
  revision: 0dbb78fd5614b400e1c85ace2f09f4d3c7116692
  specs:
    rack-indifferent (1.2.0)
      rack (>= 1.5)

GEM
  remote: https://rubygems.org/
  specs:
    daemons (1.4.0)
    eventmachine (1.2.7)
    execjs (2.8.1)
    ffi (1.17.1)
    haml (5.2.2)
      temple (>= 0.8.0)
      tilt
    logger (1.7.0)
    rack (3.2.1)
    rackup (2.2.1)
      rack (>= 3)
    rake (13.3.0)
    rb-fsevent (0.11.2)
    rb-inotify (0.11.1)
      ffi (~> 1.0)
    roda (3.96.0)
      rack
    sass (3.7.4)
      sass-listen (~> 4.0.0)
    sass-listen (4.0.0)
      rb-fsevent (~> 0.9, >= 0.9.4)
      rb-inotify (~> 0.9, >= 0.9.7)
    shotgun (0.9.2)
      rack (>= 1.0)
    temple (0.10.3)
    thin (2.0.1)
      daemons (~> 1.0, >= 1.0.9)
      eventmachine (~> 1.0, >= 1.0.4)
      logger
      rack (>= 1, < 4)
    tilt (2.6.0)
    uglifier (4.2.1)
      execjs (>= 0.3.0, < 3)

PLATFORMS
  ruby

DEPENDENCIES
  haml (~> 5.2, >= 5.2.1)
  rack-indifferent (~> 1.2)!
  rackup (~> 2.2)
  rake (> 10.0)
  roda (~> 3.90)
  sass (~> 3.7, >= 3.7.4)
  shotgun (~> 0.9.2)
  thin (~> 2.0)
  uglifier (~> 4.2)

BUNDLED WITH
   2.6.9
