GIT
  remote: https://github.com/batter/rack-indifferent.git
  revision: 0dbb78fd5614b400e1c85ace2f09f4d3c7116692
  specs:
    rack-indifferent (1.2.0)
      rack (>= 1.5)

GEM
  remote: https://rubygems.org/
  specs:
    activemodel (8.0.3)
      activesupport (= 8.0.3)
    activesupport (8.0.3)
      base64
      benchmark (>= 0.3)
      bigdecimal
      concurrent-ruby (~> 1.0, >= 1.3.1)
      connection_pool (>= 2.2.5)
      drb
      i18n (>= 1.6, < 2)
      logger (>= 1.4.2)
      minitest (>= 5.1)
      securerandom (>= 0.3)
      tzinfo (~> 2.0, >= 2.0.5)
      uri (>= 0.13.1)
    base64 (0.3.0)
    benchmark (0.4.1)
    bigdecimal (3.2.3)
    bson (5.1.1)
    concurrent-ruby (1.3.5)
    connection_pool (2.5.4)
    drb (2.2.3)
    execjs (2.8.1)
    ffi (1.17.1)
    haml (5.2.2)
      temple (>= 0.8.0)
      tilt
    i18n (1.14.7)
      concurrent-ruby (~> 1.0)
    logger (1.7.0)
    minitest (5.25.5)
    mongo (2.21.3)
      base64
      bson (>= 4.14.1, < 6.0.0)
    mongoid (9.0.8)
      activemodel (>= 5.1, < 8.1, != 7.0.0)
      concurrent-ruby (>= 1.0.5, < 2.0)
      mongo (>= 2.18.0, < 3.0.0)
    nio4r (2.7.4)
    puma (7.0.4)
      nio4r (~> 2.0)
    rack (3.2.1)
    rackup (2.2.1)
      rack (>= 3)
    rake (13.3.0)
    rb-fsevent (0.11.2)
    rb-inotify (0.11.1)
      ffi (~> 1.0)
    roda (3.96.0)
      rack
    sass (3.7.4)
      sass-listen (~> 4.0.0)
    sass-listen (4.0.0)
      rb-fsevent (~> 0.9, >= 0.9.4)
      rb-inotify (~> 0.9, >= 0.9.7)
    securerandom (0.4.1)
    shotgun (0.9.2)
      rack (>= 1.0)
    temple (0.10.3)
    tilt (2.6.0)
    tzinfo (2.0.6)
      concurrent-ruby (~> 1.0)
    uglifier (4.2.1)
      execjs (>= 0.3.0, < 3)
    uri (1.0.3)

PLATFORMS
  ruby

DEPENDENCIES
  haml (~> 5.2, >= 5.2.1)
  mongoid (~> 9.0)
  puma (~> 7.0)
  rack-indifferent (~> 1.2)!
  rackup (~> 2.2)
  rake (> 10.0)
  roda (~> 3.90)
  sass (~> 3.7, >= 3.7.4)
  shotgun (~> 0.9.2)
  uglifier (~> 4.2)

BUNDLED WITH
   2.6.9
