GEM
  remote: https://rubygems.org/
  specs:
    daemons (1.4.0)
    eventmachine (1.2.7)
    execjs (2.8.1)
    ffi (1.15.1)
    haml (5.2.1)
      temple (>= 0.8.0)
      tilt
    rack (2.0.1)
    rack-indifferent (1.2.0)
      rack (>= 1.5)
    rake (11.3.0)
    rb-fsevent (0.11.0)
    rb-inotify (0.10.1)
      ffi (~> 1.0)
    roda (3.45.0)
      rack
    sass (3.7.4)
      sass-listen (~> 4.0.0)
    sass-listen (4.0.0)
      rb-fsevent (~> 0.9, >= 0.9.4)
      rb-inotify (~> 0.9, >= 0.9.7)
    shotgun (0.9.2)
      rack (>= 1.0)
    temple (0.8.2)
    thin (1.8.1)
      daemons (~> 1.0, >= 1.0.9)
      eventmachine (~> 1.0, >= 1.0.4)
      rack (>= 1, < 3)
    tilt (2.0.10)
    uglifier (4.2.0)
      execjs (>= 0.3.0, < 3)

PLATFORMS
  ruby

DEPENDENCIES
  haml (~> 5.2, >= 5.2.1)
  rack-indifferent (~> 1.2)
  rake (> 10.0)
  roda (~> 3.45)
  sass (~> 3.7, >= 3.7.4)
  shotgun (~> 0.9.2)
  thin (~> 1.8)
  uglifier (~> 4.2)

BUNDLED WITH
   1.17.3
